GEM
  remote: http://rubygems.org/
  specs:
    ZenTest (4.5.0)
    abstract (1.0.0)
    actionmailer (3.0.6)
      actionpack (= 3.0.6)
      mail (~> 2.2.15)
    actionpack (3.0.6)
      activemodel (= 3.0.6)
      activesupport (= 3.0.6)
      builder (~> 2.1.2)
      erubis (~> 2.6.6)
      i18n (~> 0.5.0)
      rack (~> 1.2.1)
      rack-mount (~> 0.6.14)
      rack-test (~> 0.5.7)
      tzinfo (~> 0.3.23)
    activemerchant (1.13.0)
      activesupport (>= 2.3.8)
      braintree (>= 2.0.0)
      builder (>= 2.0.0)
    activemodel (3.0.6)
      activesupport (= 3.0.6)
      builder (~> 2.1.2)
      i18n (~> 0.5.0)
    activerecord (3.0.6)
      activemodel (= 3.0.6)
      activesupport (= 3.0.6)
      arel (~> 2.0.2)
      tzinfo (~> 0.3.23)
    activeresource (3.0.6)
      activemodel (= 3.0.6)
      activesupport (= 3.0.6)
    activesupport (3.0.6)
    alias (0.2.2)
    arel (2.0.9)
    autotest (4.4.6)
      ZenTest (>= 4.4.1)
    autotest-notification (2.3.1)
      autotest (~> 4.3)
    awesome_print (0.4.0)
    bcrypt-ruby (2.1.4)
    boson (0.3.3)
      alias (>= 0.2.2)
      hirb (>= 0.3.5)
    braintree (2.10.0)
      builder
    builder (2.1.2)
    carrierwave (0.5.3)
      activesupport (~> 3.0)
    chalofa_ruby-progressbar (0.0.9.1)
    clipboard (0.9.8)
    coderay (0.9.7)
    configuration (1.2.0)
    crack (0.1.8)
    creditcard (1.0)
    database_cleaner (0.6.6)
    devise (1.3.0)
      bcrypt-ruby (~> 2.1.2)
      orm_adapter (~> 0.0.3)
      warden (~> 1.0.3)
    diff-lcs (1.1.2)
    erubis (2.6.6)
      abstract (>= 1.0.0)
    every_day_irb (1.0.0)
    excon (0.6.2)
    factory_girl (1.3.3)
    factory_girl_rails (1.0.1)
      factory_girl (~> 1.3)
      railties (>= 3.0.0)
    fancy_irb (0.6.5)
      unicode-display_width (>= 0.1.1)
      wirb (>= 0.2.4)
    fog (0.7.2)
      builder
      excon (>= 0.6.1)
      formatador (>= 0.1.3)
      json
      mime-types
      net-ssh (>= 2.1.3)
      nokogiri (>= 1.4.4)
      ruby-hmac
    formatador (0.1.3)
    fuubar (0.0.4)
      chalofa_ruby-progressbar (~> 0.0.9)
      rspec (~> 2.0)
      rspec-instafail (~> 0.1.4)
    g (1.4.0)
      ruby-growl (>= 1.0.1)
    geocoder (0.9.13)
    gmaps4rails (0.7.7)
      crack
    haml (3.0.25)
    haml-rails (0.3.4)
      actionpack (~> 3.0)
      activesupport (~> 3.0)
      haml (~> 3.0)
      railties (~> 3.0)
    has_scope (0.5.0)
    heroku (1.20.1)
      launchy (~> 0.3.2)
      rest-client (>= 1.4.0, < 1.7.0)
    hirb (0.4.5)
    i18n (0.5.0)
    inherited_resources (1.2.2)
      has_scope (~> 0.5.0)
      responders (~> 0.6.0)
    interactive_editor (0.0.8)
      spoon (>= 0.0.1)
    irbtools (1.0.0)
      awesome_print (~> 0.4.0)
      boson (>= 0.3.3)
      clipboard (>= 0.9.8)
      coderay (~> 0.9)
      every_day_irb (>= 1.0.0)
      fancy_irb (>= 0.6.5)
      g
      hirb (~> 0.4.5)
      interactive_editor (>= 0.0.8)
      methodfinder (>= 1.2.3)
      ori (~> 0.1.0)
      rvm_loader (>= 1.0.0)
      sketches
      wirb (>= 0.2.6)
      zucker (>= 10)
    jquery-rails (0.2.7)
      rails (~> 3.0)
      thor (~> 0.14.4)
    json (1.5.1)
    launchy (0.3.7)
      configuration (>= 0.0.5)
      rake (= 0.8.7)
    mail (2.2.16)
      activesupport (>= 2.3.6)
      i18n (>= 0.4.0)
      mime-types (~> 1.16)
      treetop (~> 1.4.8)
    methodfinder (1.2.3)
    mime-types (1.16)
    mysql2 (0.2.7)
    nested_form (0.1.0)
    net-ssh (2.1.3)
    nokogiri (1.4.4)
    ori (0.1.0)
    orm_adapter (0.0.4)
    polyglot (0.3.1)
    rack (1.2.2)
    rack-mount (0.6.14)
      rack (>= 1.0.0)
    rack-test (0.5.7)
      rack (>= 1.0)
    rails (3.0.6)
      actionmailer (= 3.0.6)
      actionpack (= 3.0.6)
      activerecord (= 3.0.6)
      activeresource (= 3.0.6)
      activesupport (= 3.0.6)
      bundler (~> 1.0)
      railties (= 3.0.6)
    railties (3.0.6)
      actionpack (= 3.0.6)
      activesupport (= 3.0.6)
      rake (>= 0.8.7)
      thor (~> 0.14.4)
    rake (0.8.7)
    responders (0.6.4)
    rest-client (1.6.1)
      mime-types (>= 1.16)
    rspec (2.5.0)
      rspec-core (~> 2.5.0)
      rspec-expectations (~> 2.5.0)
      rspec-mocks (~> 2.5.0)
    rspec-core (2.5.1)
    rspec-expectations (2.5.0)
      diff-lcs (~> 1.1.2)
    rspec-instafail (0.1.7)
    rspec-mocks (2.5.0)
    rspec-rails (2.5.0)
      actionpack (~> 3.0)
      activesupport (~> 3.0)
      railties (~> 3.0)
      rspec (~> 2.5.0)
    ruby-growl (3.0)
    ruby-hmac (0.4.0)
    rvm_loader (1.0.0)
    shoulda (2.11.3)
    sketches (0.1.1)
    spoon (0.0.1)
    thor (0.14.6)
    treetop (1.4.9)
      polyglot (>= 0.3.1)
    tzinfo (0.3.26)
    unicode-display_width (0.1.1)
    warden (1.0.3)
      rack (>= 1.0.0)
    will_paginate (3.0.pre2)
    wirb (0.2.6)
    zucker (10)

PLATFORMS
  ruby

DEPENDENCIES
  ZenTest
  activemerchant
  autotest-notification
  carrierwave
  creditcard
  database_cleaner
  devise
  factory_girl_rails
  fog
  fuubar
  geocoder
  gmaps4rails
  haml-rails
  heroku
  inherited_resources
  irbtools
  jquery-rails
  mysql2
  nested_form
  rails (= 3.0.6)
  rake (= 0.8.7)
  rspec-rails
  shoulda
  will_paginate (~> 3.0.pre2)
